PATH
  remote: .
  specs:
    spaghetti_stack (0.1.0)

GEM
  remote: https://rubygems.org/
  specs:
    coderay (1.1.3)
    method_source (1.0.0)
    minitest (5.14.2)
    pry (0.13.1)
      coderay (~> 1.1)
      method_source (~> 1.0)
    rake (13.0.3)

PLATFORMS
  x86_64-linux

DEPENDENCIES
  minitest (~> 5.0)
  pry
  rake (~> 13.0)
  spaghetti_stack!

BUNDLED WITH
   2.2.3
